GEM
  specs:
    bubble-wrap (1.1.5)
    fireball (1.0.3)
    geomotion (0.10.0)
    rake (10.0.4)
    sugarcube (0.20.5)
    sweettea (0.5.6)
      rake
      sugarcube
      teacup
    teacup (1.2.9)

PLATFORMS
  ruby

DEPENDENCIES
  bubble-wrap
  fireball
  geomotion
  sugarcube
  sweettea
  teacup
