GEM
  specs:
    activesupport (3.2.13)
      i18n (= 0.6.1)
      multi_json (~> 1.0)
    addressable (2.3.3)
    bubble-wrap (1.1.5)
    cocoapods (0.16.0)
      activesupport (~> 3.2.6)
      colored (~> 1.2)
      escape (~> 0.0.4)
      faraday (~> 0.8.1)
      json (~> 1.7.3)
      octokit (~> 1.7)
      open4 (~> 1.3.0)
      rake (~> 0.9.4)
      xcodeproj (~> 0.4.0)
    colored (1.2)
    escape (0.0.4)
    faraday (0.8.7)
      multipart-post (~> 1.1)
    faraday_middleware (0.9.0)
      faraday (>= 0.7.4, < 0.9)
    geomotion (0.10.0)
    hashie (2.0.3)
    i18n (0.6.1)
    json (1.7.7)
    motion-cocoapods (1.2.2)
      cocoapods (>= 0.14.0)
    multi_json (1.7.2)
    multipart-post (1.2.0)
    netrc (0.7.7)
    octokit (1.24.0)
      addressable (~> 2.2)
      faraday (~> 0.8)
      faraday_middleware (~> 0.9)
      hashie (~> 2.0)
      multi_json (~> 1.3)
      netrc (~> 0.7.7)
    open4 (1.3.0)
    rake (0.9.6)
    sugarcube (0.20.5)
    sweettea (0.5.6)
      rake
      sugarcube
      teacup
    teacup (1.2.9)
    xcodeproj (0.4.3)
      activesupport (~> 3.2.6)
      colored (~> 1.2)

PLATFORMS
  ruby

DEPENDENCIES
  bubble-wrap (= 1.1.5)
  geomotion
  motion-cocoapods
  sugarcube
  sweettea
  teacup
